GIT
  remote: https://github.com/ongaeshi/milkode.git
  revision: bb96e5a2fe93cc97fb86b604fe397e62692bac10
  branch: develop
  specs:
    milkode (1.8.0)
      archive-zip (>= 0.4.0)
      coderay (>= 1.0.5)
      haml (>= 3.1.2)
      i18n (~> 0.6.5)
      launchy (>= 0.3.7)
      rack (>= 1.5.2)
      rroonga (>= 1.1.0)
      sass (>= 3.1.3)
      sinatra (>= 1.2.6)
      termcolor (>= 1.2.0, < 1.2.2)
      thin (>= 1.2.10, < 2.0.0)
      thor (>= 0.18.1)
      whichr (~> 0.3)

GEM
  remote: https://rubygems.org/
  specs:
    addressable (2.3.6)
    archive-zip (0.6.0)
      io-like (>= 0.3.0)
    coderay (1.1.0)
    daemons (1.1.9)
    eventmachine (1.0.3)
    gqtp (1.0.6)
    groonga-client (0.0.8)
      gqtp (>= 1.0.4)
      groonga-command (>= 1.0.4)
    groonga-command (1.0.7)
      json
    haml (4.0.5)
      tilt
    highline (1.6.21)
    i18n (0.6.11)
    io-like (0.3.0)
    json (1.8.1)
    launchy (2.4.2)
      addressable (~> 2.3)
    os (0.9.6)
    pkg-config (1.1.5)
    rack (1.5.2)
    rack-protection (1.5.3)
      rack
    rroonga (4.0.3)
      archive-zip
      groonga-client (>= 0.0.3)
      json
      pkg-config
    sane (0.25.8)
      os (~> 0)
    sass (3.3.10)
    sinatra (1.4.5)
      rack (~> 1.4)
      rack-protection (~> 1.4)
      tilt (~> 1.3, >= 1.3.4)
    termcolor (1.2.1)
      highline (>= 1.5.0)
    thin (1.6.2)
      daemons (>= 1.0.9)
      eventmachine (>= 1.0.0)
      rack (>= 1.0.0)
    thor (0.19.1)
    tilt (1.4.1)
    whichr (0.3.6)
      sane

PLATFORMS
  ruby

DEPENDENCIES
  milkode!
